GEM
  remote: https://rubygems.org/
  specs:
    facebook_chat (0.0.1)
      bundler (~> 1.3)
      rake
      xmpp4r
    httparty (0.13.7)
      json (~> 1.8)
      multi_xml (>= 0.5.2)
    json (1.8.3)
    multi_xml (0.5.5)
    rake (10.5.0)
    xmpp4r (0.5.6)

PLATFORMS
  ruby

DEPENDENCIES
  facebook_chat
  httparty

BUNDLED WITH
   1.10.6
